GEM
  remote: https://rubygems.org/
  specs:
    addressable (2.3.4)
<<<<<<< HEAD
    crack (0.3.2)
    diff-lcs (1.2.4)
=======
    ansi (1.4.3)
    crack (0.3.2)
>>>>>>> edae0d218f92f541a124f880d6f215f39ac7c6fb
    httparty (0.11.0)
      multi_json (~> 1.0)
      multi_xml (>= 0.5.2)
    multi_json (1.7.3)
    multi_xml (0.5.3)
    rake (10.0.4)
<<<<<<< HEAD
    rspec (2.13.0)
      rspec-core (~> 2.13.0)
      rspec-expectations (~> 2.13.0)
      rspec-mocks (~> 2.13.0)
    rspec-core (2.13.1)
    rspec-expectations (2.13.0)
      diff-lcs (>= 1.1.3, < 2.0)
    rspec-mocks (2.13.1)
=======
    turn (0.9.6)
      ansi
>>>>>>> edae0d218f92f541a124f880d6f215f39ac7c6fb
    vcr (2.5.0)
    webmock (1.11.0)
      addressable (>= 2.2.7)
      crack (>= 0.3.2)

PLATFORMS
  ruby

DEPENDENCIES
  httparty
  rake
<<<<<<< HEAD
  rspec
=======
  turn
>>>>>>> edae0d218f92f541a124f880d6f215f39ac7c6fb
  vcr
  webmock
