GEM
  remote: https://rubygems.org/
  specs:
    addressable (2.3.4)
    ansi (1.4.3)
    crack (0.3.2)
    httparty (0.11.0)
      multi_json (~> 1.0)
      multi_xml (>= 0.5.2)
    multi_json (1.7.3)
    multi_xml (0.5.3)
    rake (10.0.4)
    turn (0.9.6)
      ansi
    vcr (2.5.0)
    webmock (1.11.0)
      addressable (>= 2.2.7)
      crack (>= 0.3.2)

PLATFORMS
  ruby

DEPENDENCIES
  httparty
  rake
  turn
  vcr
  webmock
